GEM
  remote: https://rubygems.org/
  specs:
    ansi (1.5.0)
    builder (3.2.3)
    diff-lcs (1.3)
    docile (1.3.2)
    json (2.2.0)
    minitest (5.13.0)
    minitest-reporters (1.4.2)
      ansi
      builder
      minitest (>= 5.0)
      ruby-progressbar
    rspec (3.9.0)
      rspec-core (~> 3.9.0)
      rspec-expectations (~> 3.9.0)
      rspec-mocks (~> 3.9.0)
    rspec-core (3.9.0)
      rspec-support (~> 3.9.0)
    rspec-expectations (3.9.0)
      diff-lcs (>= 1.2.0, < 2.0)
      rspec-support (~> 3.9.0)
    rspec-mocks (3.9.0)
      diff-lcs (>= 1.2.0, < 2.0)
      rspec-support (~> 3.9.0)
    rspec-support (3.9.0)
    ruby-progressbar (1.10.1)
    simplecov (0.17.1)
      docile (~> 1.1)
      json (>= 1.8, < 3)
      simplecov-html (~> 0.10.0)
    simplecov-html (0.10.2)

PLATFORMS
  x64-mingw32

DEPENDENCIES
  bundler
  minitest
  minitest-reporters (>= 0.5.0)
  rspec
  simplecov

BUNDLED WITH
   1.17.2
